PATH
  remote: .
  specs:
    clir (0.1.0)
      json

GEM
  remote: https://rubygems.org/
  specs:
    json (2.6.2)
    minitest (5.16.3)
    minitest-color (0.0.2)
      minitest (~> 5)
    rake (12.3.3)

PLATFORMS
  ruby

DEPENDENCIES
  clir!
  minitest (~> 5.0)
  minitest-color
  rake (~> 12.0)

BUNDLED WITH
   2.1.4
